GEM
  remote: https://rubygems.org/
  specs:
    activesupport (5.2.4.2)
      concurrent-ruby (~> 1.0, >= 1.0.2)
      i18n (>= 0.7, < 2)
      minitest (~> 5.1)
      tzinfo (~> 1.1)
    concurrent-ruby (1.1.6)
    dotenv (2.7.5)
    httparty (0.13.7)
      json (~> 1.8)
      multi_xml (>= 0.5.2)
    i18n (1.8.2)
      concurrent-ruby (~> 1.0)
    json (1.8.6)
    minitest (5.14.0)
    multi_xml (0.6.0)
    pg (1.2.3)
    thread_safe (0.3.6)
    tzinfo (1.2.6)
      thread_safe (~> 0.1)

PLATFORMS
  ruby

DEPENDENCIES
  activesupport (~> 5.0, >= 5.0.0.1)
  dotenv (~> 2.1, >= 2.1.1)
  httparty (~> 0.13.7)
  pg (~> 1.2, >= 1.2.2)

RUBY VERSION
   ruby 2.6.5p114

BUNDLED WITH
   2.1.4
